GEM
  remote: https://rubygems.org/
  specs:
    ansi (1.5.0)
    builder (3.2.2)
    minitest (5.10.1)
    minitest-documentation (1.0.0)
      minitest (~> 5.2)
    minitest-reporters (1.1.12)
      ansi
      builder
      minitest (>= 5.0)
      ruby-progressbar
    ruby-progressbar (1.8.1)

PLATFORMS
  ruby

DEPENDENCIES
  minitest
  minitest-documentation
  minitest-reporters

BUNDLED WITH
   1.13.6
